GEM
  remote: http://rubygems.org/
  specs:
    daemons (1.1.4)
    eventmachine (0.12.10)
    hpricot (0.8.2)
    htmlentities (4.2.3)
    icalendar (1.1.5)
    newrelic_rpm (3.3.1)
    rack (1.2.1)
    sinatra (1.1.2)
      rack (~> 1.1)
      tilt (~> 1.2)
    thin (1.3.1)
      daemons (>= 1.0.9)
      eventmachine (>= 0.12.6)
      rack (>= 1.0.0)
    tilt (1.2.2)

PLATFORMS
  ruby

DEPENDENCIES
  hpricot (= 0.8.2)
  htmlentities (~> 4.2.3)
  icalendar (~> 1.1.5)
  newrelic_rpm
  sinatra (~> 1.1.0)
  thin
